GEM
  remote: https://rubygems.org/
  specs:
    minitest (5.13.0)
    rake (13.0.1)
    rufo (0.12.0)

PLATFORMS
  ruby

DEPENDENCIES
  minitest
  rake
  rufo

BUNDLED WITH
   2.1.4
